GEM
  remote: https://rubygems.org/
  specs:
    bootstrap-sass (2.3.1.2)
      sass (~> 3.2)
    chunky_png (1.2.8)
    compass (0.12.2)
      chunky_png (~> 1.2)
      fssm (>= 0.2.7)
      sass (~> 3.1)
    fssm (0.2.10)
    sass (3.2.9)
    susy (1.0.8)
      compass (>= 0.12.2)
      sass (>= 3.2.0)

PLATFORMS
  x86-mingw32

DEPENDENCIES
  bootstrap-sass
  compass
  sass
  susy
